PATH
  remote: .
  specs:
    SFlow (0.1.0)
      dotenv (~> 0)
      pry (~> 0)

GEM
  remote: https://rubygems.org/
  specs:
    coderay (1.1.2)
    dotenv (0.11.1)
      dotenv-deployment (~> 0.0.2)
    dotenv-deployment (0.0.2)
    method_source (1.0.0)
    pry (0.13.0)
      coderay (~> 1.1)
      method_source (~> 1.0)

PLATFORMS
  ruby

DEPENDENCIES
  SFlow!

BUNDLED WITH
   1.16.1
